GEM
  remote: https://rubygems.org/
  specs:
    dotenv (1.0.2)
    foreman (0.63.0)
      dotenv (>= 0.7)
      thor (>= 0.13.6)
    rack (1.6.4)
    rack-protection (1.5.3)
      rack
    redis (3.3.0)
    sinatra (1.4.7)
      rack (~> 1.5)
      rack-protection (~> 1.4)
      tilt (>= 1.3, < 3)
    thor (0.19.1)
    tilt (2.0.5)

PLATFORMS
  ruby

DEPENDENCIES
  foreman
  redis
  sinatra

BUNDLED WITH
   1.12.5
